PATH
  remote: .
  specs:
    bootstrapped (0.0.1)

GEM
  remote: https://rubygems.org/
  specs:

PLATFORMS
  ruby

DEPENDENCIES
  bootstrapped!
